GEM
  remote: http://rubygems.org/
  specs:
    bunny (0.7.9)

PLATFORMS
  ruby

DEPENDENCIES
  bunny
